PATH
  remote: .
  specs:
    geminabox (0.3.2.manilla)
      builder
      rack-flash
      shield
      sinatra
      sinatra-sequel
      sqlite3

GEM
  remote: http://rubygems.org/
  specs:
    builder (3.0.0)
    coderay (0.9.8)
    diff-lcs (1.1.2)
    method_source (0.6.7)
      ruby_parser (>= 2.3.1)
    mocha (0.9.12)
    nokogiri (1.5.0)
    pry (0.9.7.4)
      coderay (~> 0.9.8)
      method_source (~> 0.6.7)
      ruby_parser (>= 2.3.1)
      slop (~> 2.1.0)
    rack (1.3.0)
    rack-flash (0.1.2)
      rack
    rack-test (0.6.0)
      rack (>= 1.0)
    rspec (2.6.0)
      rspec-core (~> 2.6.0)
      rspec-expectations (~> 2.6.0)
      rspec-mocks (~> 2.6.0)
    rspec-core (2.6.4)
    rspec-expectations (2.6.0)
      diff-lcs (~> 1.1.2)
    rspec-mocks (2.6.0)
    rspec-rails (1.3.2)
      rack (>= 1.0.0)
      rspec (>= 1.3.0)
    rspec_tag_matchers (1.0.0)
      nokogiri (>= 1.4.0)
      rspec-rails (>= 1.2.6)
    ruby_parser (2.3.1)
      sexp_processor (~> 3.0)
    sequel (3.25.0)
    sexp_processor (3.0.7)
    shield (0.0.3)
    sinatra (1.2.6)
      rack (~> 1.1)
      tilt (>= 1.2.2, < 2.0)
    sinatra-sequel (0.9.0)
      sequel (>= 3.2.0)
      sinatra (>= 0.9.4)
    slop (2.1.0)
    sqlite3 (1.3.3)
    tilt (1.3.2)

PLATFORMS
  ruby

DEPENDENCIES
  geminabox!
  mocha
  pry
  rack-test
  rspec
  rspec_tag_matchers
